GIT
  remote: git://github.com/bloudermilk/slyde.git
  revision: 481270cd48156336ef71a886ce7f093a8b72e7bb
  specs:
    slyde (0.0.1)
      liquid (~> 2.4.1)
      nokogiri (~> 1.5.6)
      redcarpet (~> 2.2.2)
      sinatra (~> 1.3.5)

GEM
  remote: https://rubygems.org/
  specs:
    liquid (2.4.1)
    nokogiri (1.5.9)
    rack (1.5.2)
    rack-protection (1.5.0)
      rack
    redcarpet (2.2.2)
    sinatra (1.3.6)
      rack (~> 1.4)
      rack-protection (~> 1.3)
      tilt (~> 1.3, >= 1.3.3)
    tilt (1.3.7)

PLATFORMS
  ruby

DEPENDENCIES
  slyde!
